PATH
  remote: .
  specs:
    embulk-plugin-postgres-json (0.1.0)
      jdbc-postgres (>= 3.2.0)

GEM
  remote: http://rubygems.org/
  specs:
    jdbc-postgres (9.3.1102)
    rake (10.4.2)

PLATFORMS
  ruby

DEPENDENCIES
  bundler (~> 1.0)
  embulk-plugin-postgres-json!
  rake (>= 0.9.2)
